GEM
  remote: https://rubygems.org/
  specs:
    sqlite3 (1.5.3-x86_64-linux)

PLATFORMS
  x86_64-linux

DEPENDENCIES
  sqlite3

BUNDLED WITH
   2.3.22
